GIT
  remote: https://github.com/mwlang/bittrex.git
  revision: 778365b68ea83606be63ef9dad1f5f7ec79dc128
  branch: develop
  specs:
    bittrex (0.0.4)
      faraday (>= 0.9.0)

GIT
  remote: https://github.com/mwlang/cryptoexchange.git
  revision: 0943d70883a0c1461b546b7e226a38db725769eb
  branch: develop
  specs:
    cryptoexchange (1.1.0)
      http (~> 5.0.0.pre)
      lru_redux
      websocket-eventmachine-client

GIT
  remote: https://github.com/mwlang/kucoin-api.git
  revision: a1884cc64d4f909b55f5c99459ec33b49506befd
  branch: master
  specs:
    kucoin-api (0.2.1)
      faraday (~> 0.15)
      faraday_middleware (~> 0.12)
      faye-websocket (~> 0.10)

GEM
  remote: https://rubygems.org/
  specs:
    addressable (2.8.1)
      public_suffix (>= 2.0.2, < 6.0)
    bigdecimal (1.3.4)
    binance (0.4.3)
      faraday (~> 0.12)
      faraday_middleware (~> 0.12)
      faye-websocket (~> 0.10)
    cobinhood (0.0.2)
      faraday (~> 0.12)
      faraday_middleware (~> 0.12)
    coinbase (4.2.0)
    coinbase-exchange (0.2.0)
      bigdecimal
      em-http-request
      faye-websocket
    cookiejar (0.3.3)
    domain_name (0.5.20190701)
      unf (>= 0.0.5, < 1.0.0)
    em-http-request (1.1.5)
      addressable (>= 2.3.4)
      cookiejar (!= 0.3.1)
      em-socksify (>= 0.3)
      eventmachine (>= 1.0.3)
      http_parser.rb (>= 0.6.0)
    em-socksify (0.3.2)
      eventmachine (>= 1.0.0.beta.4)
    eventmachine (1.2.7)
    faraday (0.15.4)
      multipart-post (>= 1.2, < 3)
    faraday_middleware (0.13.1)
      faraday (>= 0.7.4, < 1.0)
    faye-websocket (0.10.9)
      eventmachine (>= 0.12.0)
      websocket-driver (>= 0.5.1)
    ffi (1.15.5)
    ffi-compiler (1.0.1)
      ffi (>= 1.0.0)
      rake
    http (5.0.0.pre3)
      addressable (~> 2.3)
      http-cookie (~> 1.0)
      http-form_data (~> 2.2)
      http-parser (~> 1.2.0)
    http-cookie (1.0.5)
      domain_name (~> 0.5)
    http-form_data (2.3.0)
    http-parser (1.2.3)
      ffi-compiler (>= 1.0, < 2.0)
    http_parser.rb (0.6.0)
    lru_redux (1.1.0)
    multipart-post (2.1.1)
    public_suffix (5.0.0)
    rake (12.0.0)
    terminal-table (1.8.0)
      unicode-display_width (~> 1.1, >= 1.1.1)
    unf (0.1.4)
      unf_ext
    unf_ext (0.0.8.2)
    unicode-display_width (1.6.0)
    websocket (1.2.9)
    websocket-driver (0.7.1)
      websocket-extensions (>= 0.1.0)
    websocket-eventmachine-base (1.2.0)
      eventmachine (~> 1.0)
      websocket (~> 1.0)
      websocket-native (~> 1.0)
    websocket-eventmachine-client (1.3.0)
      websocket-eventmachine-base (~> 1.0)
    websocket-extensions (0.1.5)
    websocket-native (1.0.0)

PLATFORMS
  ruby

DEPENDENCIES
  binance
  bittrex!
  cobinhood (= 0.0.2)
  coinbase
  coinbase-exchange
  cryptoexchange!
  faraday
  kucoin-api!
  rake (= 12.0.0)
  terminal-table

BUNDLED WITH
   1.17.3
