GIT
  remote: git://github.com/mwlang/bittrex.git
  revision: 778365b68ea83606be63ef9dad1f5f7ec79dc128
  branch: develop
  specs:
    bittrex (0.0.4)
      faraday (>= 0.9.0)

GIT
  remote: git://github.com/mwlang/cryptoexchange.git
  revision: 545b52023e31ea7a819da604f2e8bf391aaabb2c
  branch: develop
  specs:
    cryptoexchange (0.18.0)
      http (~> 1.0.0)
      lru_redux

GIT
  remote: git://github.com/mwlang/kucoin_ruby.git
  revision: c97df725644cd948dacecb469bbe4526a5516f18
  branch: develop
  specs:
    kucoin_ruby (0.1.10)
      addressable
      httparty

GEM
  remote: https://rubygems.org/
  specs:
    addressable (2.5.2)
      public_suffix (>= 2.0.2, < 4.0)
    bigdecimal (1.3.4)
    binance (0.4.3)
      faraday (~> 0.12)
      faraday_middleware (~> 0.12)
      faye-websocket (~> 0.10)
    cobinhood (0.0.2)
      faraday (~> 0.12)
      faraday_middleware (~> 0.12)
    coinbase (4.2.0)
    coinbase-exchange (0.2.0)
      bigdecimal
      em-http-request
      faye-websocket
    cookiejar (0.3.3)
    domain_name (0.5.20170404)
      unf (>= 0.0.5, < 1.0.0)
    em-http-request (1.1.5)
      addressable (>= 2.3.4)
      cookiejar (!= 0.3.1)
      em-socksify (>= 0.3)
      eventmachine (>= 1.0.3)
      http_parser.rb (>= 0.6.0)
    em-socksify (0.3.2)
      eventmachine (>= 1.0.0.beta.4)
    eventmachine (1.2.5)
    faraday (0.15.4)
      multipart-post (>= 1.2, < 3)
    faraday_middleware (0.13.1)
      faraday (>= 0.7.4, < 1.0)
    faye-websocket (0.10.7)
      eventmachine (>= 0.12.0)
      websocket-driver (>= 0.5.1)
    http (1.0.4)
      addressable (~> 2.3)
      http-cookie (~> 1.0)
      http-form_data (~> 1.0.1)
      http_parser.rb (~> 0.6.0)
    http-cookie (1.0.3)
      domain_name (~> 0.5)
    http-form_data (1.0.3)
    http_parser.rb (0.6.0)
    httparty (0.16.0)
      multi_xml (>= 0.5.2)
    lru_redux (1.1.0)
    multi_xml (0.6.0)
    multipart-post (2.1.1)
    public_suffix (3.0.2)
    rake (12.0.0)
    terminal-table (1.8.0)
      unicode-display_width (~> 1.1, >= 1.1.1)
    unf (0.1.4)
      unf_ext
    unf_ext (0.0.7.5)
    unicode-display_width (1.6.0)
    websocket-driver (0.7.0)
      websocket-extensions (>= 0.1.0)
    websocket-extensions (0.1.3)

PLATFORMS
  ruby

DEPENDENCIES
  binance
  bittrex!
  cobinhood (= 0.0.2)
  coinbase
  coinbase-exchange
  cryptoexchange!
  faraday
  kucoin_ruby!
  rake (= 12.0.0)
  terminal-table

BUNDLED WITH
   1.17.3
